GEM
  remote: https://rubygems.org/
  specs:
    diff-lcs (1.2.5)
    highline (1.6.21)
    net-ssh (2.9.1)
    rspec (2.99.0)
      rspec-core (~> 2.99.0)
      rspec-expectations (~> 2.99.0)
      rspec-mocks (~> 2.99.0)
    rspec-core (2.99.2)
    rspec-expectations (2.99.2)
      diff-lcs (>= 1.1.3, < 2.0)
    rspec-mocks (2.99.2)
    serverspec (1.6.0)
      highline
      net-ssh
      rspec (~> 2.13)
      specinfra (~> 1.11)
    specinfra (1.27.5)

PLATFORMS
  ruby

DEPENDENCIES
  serverspec (= 1.6.0)
